GEM
  remote: https://rubygems.org/
  specs:
    ansi (1.5.0)
    backports (3.24.1)
    builder (3.2.4)
    byebug (11.1.3)
    coderay (1.1.3)
    erubis (2.7.0)
    method_source (1.0.0)
    minitest (5.20.0)
    minitest-reporters (1.6.1)
      ansi
      builder
      minitest (>= 5.0)
      ruby-progressbar
    multi_json (1.15.0)
    pry (0.14.2)
      coderay (~> 1.1)
      method_source (~> 1.0)
    pry-byebug (3.10.1)
      byebug (~> 11.0)
      pry (>= 0.13, < 0.15)
    rack (1.6.13)
    rack-protection (1.5.5)
      rack
    rack-test (2.1.0)
      rack (>= 1.3)
    redcarpet (3.6.0)
    ruby-progressbar (1.13.0)
    sinatra (1.4.8)
      rack (~> 1.5)
      rack-protection (~> 1.4)
      tilt (>= 1.3, < 3)
    sinatra-contrib (1.4.7)
      backports (>= 2.0)
      multi_json
      rack-protection
      rack-test
      sinatra (~> 1.4.0)
      tilt (>= 1.3, < 3)
    tilt (2.3.0)
    webrick (1.8.1)

PLATFORMS
  x86_64-linux

DEPENDENCIES
  erubis
  minitest
  minitest-reporters
  pry
  pry-byebug
  redcarpet
  sinatra (~> 1.4.7)
  sinatra-contrib
  webrick

RUBY VERSION
   ruby 3.2.2p53

BUNDLED WITH
   2.4.10
